GIT
  remote: https://github.com/digidem/webhook-gem.git
  revision: 54f97826cdcf73ead4ff44cfb70bf6650d202753
  specs:
    webhook (1.0.1)
      json
      rack
      stripe (~> 1.7)

GEM
  remote: https://rubygems.org/
  specs:
    activemodel (3.2.12)
      activesupport (= 3.2.12)
      builder (~> 3.0.0)
    activeresource (3.2.12)
      activemodel (= 3.2.12)
      activesupport (= 3.2.12)
    activesupport (3.2.12)
      i18n (~> 0.6)
      multi_json (~> 1.0)
    bond (0.4.3)
    builder (3.0.4)
    daemons (1.1.8)
    eventmachine (0.12.10)
    highrise (3.0.5)
      activeresource (~> 3.0)
    i18n (0.6.4)
    json (1.7.7)
    mime-types (1.25)
    multi_json (1.6.1)
    rack (1.4.1)
    rack-protection (1.2.0)
      rack
    rack-test (0.6.2)
      rack (>= 1.0)
    rest-client (1.6.7)
      mime-types (>= 1.16)
    ripl (0.7.0)
      bond (~> 0.4.2)
    ripl-multi_line (0.3.0)
      ripl (>= 0.3.6)
    ripl-rack (0.2.0)
      rack (>= 1.0)
      rack-test (>= 0.5)
      ripl (>= 0.3.5)
    shotgun (0.9)
      rack (>= 1.0)
    sinatra (1.3.2)
      rack (~> 1.3, >= 1.3.6)
      rack-protection (~> 1.2)
      tilt (~> 1.3, >= 1.3.3)
    stripe (1.8.7)
      multi_json (>= 1.0.4, < 2)
      rest-client (~> 1.4)
    thin (1.3.1)
      daemons (>= 1.0.9)
      eventmachine (>= 0.12.6)
      rack (>= 1.0.0)
    tilt (1.3.3)
    tux (0.3.0)
      ripl (>= 0.3.5)
      ripl-multi_line (>= 0.2.4)
      ripl-rack (>= 0.2.0)
      sinatra (>= 1.2.1)

PLATFORMS
  ruby

DEPENDENCIES
  highrise
  json
  shotgun
  sinatra
  thin
  tux
  webhook (>= 1.0.1)!
